GIT
  remote: git://github.com/vulk/chef-metal-fog.git
  revision: 8f4a092ae0628d8ead6b71c67a3d10347505fd86
  ref: server_state
  specs:
    chef-provisioning-fog (0.17.0)
      chef-provisioning (~> 1.0)
      fog (>= 1.35.0)
      retryable

GIT
  remote: git://github.com/vulk/fog.git
  revision: 2c18164e2b2b9f0eeb304e6686baaaf1b5318a67
  ref: rfc1918_private_addresses
  specs:
    fog (1.37.0)
      fog-aliyun (>= 0.1.0)
      fog-atmos
      fog-aws (>= 0.6.0)
      fog-brightbox (~> 0.4)
      fog-cloudatcost (~> 0.1.0)
      fog-core (~> 1.32)
      fog-dynect (~> 0.0.2)
      fog-ecloud (~> 0.1)
      fog-google (<= 0.1.0)
      fog-json
      fog-local
      fog-powerdns (>= 0.1.1)
      fog-profitbricks
      fog-radosgw (>= 0.0.2)
      fog-riakcs
      fog-sakuracloud (>= 0.0.4)
      fog-serverlove
      fog-softlayer
      fog-storm_on_demand
      fog-terremark
      fog-vmfusion
      fog-voxel
      fog-vsphere (>= 0.4.0)
      fog-xenserver
      fog-xml (~> 0.1.1)
      ipaddress (~> 0.5)

GEM
  remote: https://rubygems.org/
  specs:
    CFPropertyList (2.3.2)
    addressable (2.3.8)
    app_conf (0.4.2)
    ast (2.2.0)
    berkshelf (4.1.1)
      addressable (~> 2.3.4)
      berkshelf-api-client (~> 2.0)
      buff-config (~> 1.0)
      buff-extensions (~> 1.0)
      buff-shell_out (~> 0.1)
      celluloid (= 0.16.0)
      celluloid-io (~> 0.16.1)
      cleanroom (~> 1.0)
      faraday (~> 0.9.0)
      httpclient (~> 2.6.0)
      minitar (~> 0.5.4)
      octokit (~> 4.0)
      retryable (~> 2.0)
      ridley (~> 4.3)
      solve (~> 2.0)
      thor (~> 0.19)
    berkshelf-api-client (2.0.0)
      faraday (~> 0.9.1)
      httpclient (~> 2.6.0)
    binding_of_caller (0.7.2)
      debug_inspector (>= 0.0.1)
    buff-config (1.0.1)
      buff-extensions (~> 1.0)
      varia_model (~> 0.4)
    buff-extensions (1.0.0)
    buff-ignore (1.1.1)
    buff-ruby_engine (0.1.0)
    buff-shell_out (0.2.0)
      buff-ruby_engine (~> 0.1.0)
    builder (3.2.2)
    byebug (8.2.2)
    celluloid (0.16.0)
      timers (~> 4.0.0)
    celluloid-io (0.16.2)
      celluloid (>= 0.16.0)
      nio4r (>= 1.1.0)
    chef (12.6.0)
      chef-config (= 12.6.0)
      chef-zero (~> 4.2, >= 4.2.2)
      diff-lcs (~> 1.2, >= 1.2.4)
      erubis (~> 2.7)
      ffi-yajl (~> 2.2)
      highline (~> 1.6, >= 1.6.9)
      mixlib-authentication (~> 1.3)
      mixlib-cli (~> 1.4)
      mixlib-log (~> 1.3)
      mixlib-shellout (~> 2.0)
      net-ssh (~> 2.6)
      net-ssh-multi (~> 1.1)
      ohai (>= 8.6.0.alpha.1, < 9)
      plist (~> 3.1.0)
      proxifier (~> 1.0)
      pry (~> 0.9)
      rspec-core (~> 3.4)
      rspec-expectations (~> 3.4)
      rspec-mocks (~> 3.4)
      rspec_junit_formatter (~> 0.2.0)
      serverspec (~> 2.7)
      specinfra (~> 2.10)
      syslog-logger (~> 1.6)
    chef-config (12.6.0)
      mixlib-config (~> 2.0)
      mixlib-shellout (~> 2.0)
    chef-dk (0.10.0)
      chef (~> 12.0, >= 12.2.1)
      chef-provisioning (~> 1.2)
      cookbook-omnifetch (~> 0.2, >= 0.2.2)
      diff-lcs (~> 1.0)
      ffi-yajl (>= 1.0, < 3.0)
      minitar (~> 0.5.4)
      mixlib-cli (~> 1.5)
      mixlib-shellout (~> 2.0)
      paint (~> 1.0)
      solve (~> 2.0, >= 2.0.1)
    chef-provisioning (1.6.0)
      cheffish (>= 1.3.1, < 3.0)
      inifile (~> 2.0)
      mixlib-install (~> 0.7.0)
      net-scp (~> 1.0)
      net-ssh (>= 2.9, < 4.0)
      net-ssh-gateway (~> 1.2.0)
      winrm (~> 1.3)
    chef-zero (4.5.0)
      ffi-yajl (~> 2.2)
      hashie (>= 2.0, < 4.0)
      mixlib-log (~> 1.3)
      rack
      uuidtools (~> 2.1)
    cheffish (2.0.1)
      chef-zero (~> 4.3)
      compat_resource
    chefspec (4.5.0)
      chef (>= 11.14)
      fauxhai (~> 3.0, >= 3.0.1)
      rspec (~> 3.0)
    cleanroom (1.0.0)
    coderay (1.1.0)
    compat_resource (12.7.3)
    cookbook-omnifetch (0.2.2)
      minitar (~> 0.5.4)
    debug_inspector (0.0.2)
    diff-lcs (1.2.5)
    diffy (3.1.0)
    docker-api (1.26.0)
      excon (>= 0.38.0)
      json
    erubis (2.7.0)
    excon (0.45.4)
    faraday (0.9.2)
      multipart-post (>= 1.2, < 3)
    fauxhai (3.1.0)
      net-ssh
    ffi (1.9.10)
    ffi-yajl (2.2.3)
      libyajl2 (~> 1.2)
    fission (0.5.0)
      CFPropertyList (~> 2.2)
    fog-aliyun (0.1.0)
      fog-core (~> 1.27)
      fog-json (~> 1.0)
      ipaddress (~> 0.8)
      xml-simple (~> 1.1)
    fog-atmos (0.1.0)
      fog-core
      fog-xml
    fog-aws (0.8.1)
      fog-core (~> 1.27)
      fog-json (~> 1.0)
      fog-xml (~> 0.1)
      ipaddress (~> 0.8)
    fog-brightbox (0.10.1)
      fog-core (~> 1.22)
      fog-json
      inflecto (~> 0.0.2)
    fog-cloudatcost (0.1.1)
      fog-core (~> 1.27)
      fog-json (~> 1.0)
      fog-xml (~> 0.1)
      ipaddress (~> 0.8)
    fog-core (1.35.0)
      builder
      excon (~> 0.45)
      formatador (~> 0.2)
    fog-dynect (0.0.2)
      fog-core
      fog-json
      fog-xml
    fog-ecloud (0.3.0)
      fog-core
      fog-xml
    fog-google (0.1.0)
      fog-core
      fog-json
      fog-xml
    fog-json (1.0.2)
      fog-core (~> 1.0)
      multi_json (~> 1.10)
    fog-local (0.2.1)
      fog-core (~> 1.27)
    fog-powerdns (0.1.1)
      fog-core (~> 1.27)
      fog-json (~> 1.0)
      fog-xml (~> 0.1)
    fog-profitbricks (0.0.5)
      fog-core
      fog-xml
      nokogiri
    fog-radosgw (0.0.5)
      fog-core (>= 1.21.0)
      fog-json
      fog-xml (>= 0.0.1)
    fog-riakcs (0.1.0)
      fog-core
      fog-json
      fog-xml
    fog-sakuracloud (1.7.5)
      fog-core
      fog-json
    fog-serverlove (0.1.2)
      fog-core
      fog-json
    fog-softlayer (1.1.0)
      fog-core
      fog-json
    fog-storm_on_demand (0.1.1)
      fog-core
      fog-json
    fog-terremark (0.1.0)
      fog-core
      fog-xml
    fog-vmfusion (0.1.0)
      fission
      fog-core
    fog-voxel (0.1.0)
      fog-core
      fog-xml
    fog-vsphere (0.6.0)
      fog-core
      rbvmomi (~> 1.8)
    fog-xenserver (0.2.3)
      fog-core
      fog-xml
    fog-xml (0.1.2)
      fog-core
      nokogiri (~> 1.5, >= 1.5.11)
    formatador (0.2.5)
    git (1.2.9.1)
    gssapi (1.2.0)
      ffi (>= 1.0.1)
    gyoku (1.3.1)
      builder (>= 2.1.2)
    hashie (3.4.3)
    highline (1.7.8)
    hirb (0.7.3)
    hitimes (1.2.3)
    httpclient (2.6.0.1)
    inflecto (0.0.2)
    inifile (2.0.2)
    inspec (0.9.10)
      json (~> 1.8)
      method_source (~> 0.8)
      pry (~> 0)
      r-train (~> 0.9, >= 0.9.3)
      rainbow (~> 2)
      rspec (~> 3.3)
      rspec-its (~> 1.2)
      rubyzip (~> 1.1)
      thor (~> 0.19)
    ipaddress (0.8.2)
    json (1.8.3)
    kitchen-vagrant (0.19.0)
      test-kitchen (~> 1.4)
    knife-cloud (1.2.0)
      chef (>= 0.10.10)
      knife-windows (>= 0.5.14)
      mixlib-shellout
    knife-openstack (1.3.2)
      chef (>= 11)
      fog (~> 1.23)
      knife-cloud (~> 1.2.0)
    knife-rackspace (0.11.0)
      chef (>= 0.10.10)
      fog (>= 1.24)
      knife-windows
    knife-spork (1.6.1)
      app_conf (>= 0.4.0)
      chef (>= 11.0.0)
      diffy (>= 3.0.1)
      git (>= 1.2.5)
    knife-windows (1.2.1)
      winrm (~> 1.6)
    libyajl2 (1.2.0)
    little-plugger (1.1.4)
    logging (2.0.0)
      little-plugger (~> 1.1)
      multi_json (~> 1.10)
    map_by_method (0.8.3)
    method_source (0.8.2)
    mini_portile2 (2.0.0)
    minitar (0.5.4)
    mixlib-authentication (1.4.0)
      mixlib-log
      rspec-core (~> 3.2)
      rspec-expectations (~> 3.2)
      rspec-mocks (~> 3.2)
    mixlib-cli (1.5.0)
    mixlib-config (2.2.1)
    mixlib-install (0.7.1)
    mixlib-log (1.6.0)
    mixlib-shellout (2.2.6)
    molinillo (0.2.3)
    multi_json (1.11.2)
    multipart-post (2.0.0)
    net-http-spy (0.2.1)
    net-scp (1.2.1)
      net-ssh (>= 2.6.5)
    net-ssh (2.9.4)
    net-ssh-gateway (1.2.0)
      net-ssh (>= 2.6.5)
    net-ssh-multi (1.2.1)
      net-ssh (>= 2.6.5)
      net-ssh-gateway (>= 1.2.0)
    net-telnet (0.1.1)
    netaddr (1.5.1)
    nio4r (1.2.1)
    nokogiri (1.6.7.2)
      mini_portile2 (~> 2.0.0.rc2)
    nori (2.6.0)
    octokit (4.2.0)
      sawyer (~> 0.6.0, >= 0.5.3)
    ohai (8.10.0)
      chef-config (>= 12.5.0.alpha.1, < 13)
      ffi (~> 1.9)
      ffi-yajl (~> 2.2)
      ipaddress
      mixlib-cli
      mixlib-config (~> 2.0)
      mixlib-log
      mixlib-shellout (~> 2.0)
      rake (~> 10.1)
      systemu (~> 2.6.4)
      wmi-lite (~> 1.0)
    paint (1.0.1)
    parser (2.3.0.6)
      ast (~> 2.2)
    plist (3.1.0)
    powerpack (0.1.1)
    proxifier (1.0.3)
    pry (0.10.3)
      coderay (~> 1.1.0)
      method_source (~> 0.8.1)
      slop (~> 3.4)
    pry-byebug (3.3.0)
      byebug (~> 8.0)
      pry (~> 0.10)
    pry-stack_explorer (0.4.9.2)
      binding_of_caller (>= 0.7)
      pry (>= 0.9.11)
    r-train (0.9.4)
      docker-api (~> 1.22)
      json (~> 1.8)
      mixlib-shellout (~> 2.1)
      net-scp (~> 1.2)
      net-ssh (>= 2.9, < 4.0)
      winrm (~> 1.3)
      winrm-transport (~> 1.0)
    rack (1.6.4)
    rainbow (2.1.0)
    rake (10.5.0)
    random-word (1.3.0)
    rbvmomi (1.8.2)
      builder
      nokogiri (>= 1.4.1)
      trollop
    retryable (2.0.3)
    ridley (4.4.2)
      addressable
      buff-config (~> 1.0)
      buff-extensions (~> 1.0)
      buff-ignore (~> 1.1)
      buff-shell_out (~> 0.1)
      celluloid (~> 0.16.0)
      celluloid-io (~> 0.16.1)
      chef-config
      erubis
      faraday (~> 0.9.0)
      hashie (>= 2.0.2, < 4.0.0)
      httpclient (~> 2.6)
      json (>= 1.7.7)
      mixlib-authentication (>= 1.3.0)
      retryable (~> 2.0)
      semverse (~> 1.1)
      varia_model (~> 0.4.0)
    rspec (3.4.0)
      rspec-core (~> 3.4.0)
      rspec-expectations (~> 3.4.0)
      rspec-mocks (~> 3.4.0)
    rspec-core (3.4.2)
      rspec-support (~> 3.4.0)
    rspec-expectations (3.4.0)
      diff-lcs (>= 1.2.0, < 2.0)
      rspec-support (~> 3.4.0)
    rspec-its (1.2.0)
      rspec-core (>= 3.0.0)
      rspec-expectations (>= 3.0.0)
    rspec-mocks (3.4.1)
      diff-lcs (>= 1.2.0, < 2.0)
      rspec-support (~> 3.4.0)
    rspec-support (3.4.1)
    rspec_junit_formatter (0.2.3)
      builder (< 4)
      rspec-core (>= 2, < 4, != 2.12.0)
    rubocop (0.37.2)
      parser (>= 2.3.0.4, < 3.0)
      powerpack (~> 0.1)
      rainbow (>= 1.99.1, < 3.0)
      ruby-progressbar (~> 1.7)
      unicode-display_width (~> 0.3)
    ruby-progressbar (1.7.5)
    rubyntlm (0.5.3)
    rubyzip (1.1.7)
    safe_yaml (1.0.4)
    sawyer (0.6.0)
      addressable (~> 2.3.5)
      faraday (~> 0.8, < 0.10)
    semverse (1.2.1)
    serverspec (2.29.2)
      multi_json
      rspec (~> 3.0)
      rspec-its
      specinfra (~> 2.48)
    sfl (2.2)
    sketches (0.1.1)
    slop (3.6.0)
    snmp (1.2.0)
    solve (2.0.2)
      molinillo (~> 0.2.3)
      semverse (~> 1.1)
    specinfra (2.51.0)
      net-scp
      net-ssh (>= 2.7, < 3.1)
      net-telnet
      sfl
    syslog-logger (1.6.8)
    systemu (2.6.5)
    test-kitchen (1.5.0)
      chef-config (>= 12.5.1)
      mixlib-install (~> 0.7)
      mixlib-shellout (>= 1.2, < 3.0)
      net-scp (~> 1.1)
      net-ssh (>= 2.9, < 4.0)
      safe_yaml (~> 1.0)
      thor (~> 0.18)
    thor (0.19.1)
    timers (4.0.4)
      hitimes
    trollop (2.1.2)
    unicode-display_width (0.3.1)
    uuidtools (2.1.5)
    varia_model (0.4.1)
      buff-extensions (~> 1.0)
      hashie (>= 2.0.2, < 4.0.0)
    what_methods (1.0.1)
    winrm (1.6.1)
      builder (>= 2.1.2)
      gssapi (~> 1.2)
      gyoku (~> 1.0)
      httpclient (~> 2.2, >= 2.2.0.2)
      logging (>= 1.6.1, < 3.0)
      nori (~> 2.0)
      rubyntlm (~> 0.5.0, >= 0.5.3)
    winrm-transport (1.0.3)
      rubyzip (~> 1.1, >= 1.1.7)
      winrm (~> 1.3)
    wirble (0.1.3)
    wmi-lite (1.0.0)
    xml-simple (1.1.5)

PLATFORMS
  ruby

DEPENDENCIES
  berkshelf
  chef
  chef-dk
  chef-provisioning
  chef-provisioning-fog!
  chefspec
  fog!
  hirb
  httpclient
  inspec
  kitchen-vagrant
  knife-openstack
  knife-rackspace
  knife-spork
  map_by_method
  net-http-spy
  netaddr
  octokit
  pry
  pry-byebug
  pry-stack_explorer
  random-word
  rubocop
  sketches
  snmp
  test-kitchen
  what_methods
  wirble

BUNDLED WITH
   1.11.2
